GEM
  remote: https://rubygems.org/
  specs:
    activesupport (5.0.2)
      concurrent-ruby (~> 1.0, >= 1.0.2)
      i18n (~> 0.7)
      minitest (~> 5.1)
      tzinfo (~> 1.1)
    addressable (2.5.0)
      public_suffix (~> 2.0, >= 2.0.2)
    builder (3.2.2)
    byebug (9.0.6)
    concurrent-ruby (1.0.2)
    connection_pool (2.2.0)
    crack (0.4.3)
      safe_yaml (~> 1.0.0)
    diff-lcs (1.2.5)
    dotenv (2.1.1)
    hashdiff (0.3.2)
    i18n (0.8.1)
    json (2.0.2)
    mini_portile2 (2.1.0)
    minitest (5.10.1)
    nokogiri (1.6.8.1)
      mini_portile2 (~> 2.1.0)
    public_suffix (2.0.5)
    puma (3.6.0)
    rack (1.6.4)
    rack-protection (1.5.3)
      rack
    rack-test (0.6.3)
      rack (>= 1.0)
    rbvmomi (1.9.4)
      builder (~> 3.2)
      json (>= 1.8)
      nokogiri (~> 1.5)
      trollop (~> 2.1)
    redis (3.3.1)
    rspec (3.5.0)
      rspec-core (~> 3.5.0)
      rspec-expectations (~> 3.5.0)
      rspec-mocks (~> 3.5.0)
    rspec-core (3.5.3)
      rspec-support (~> 3.5.0)
    rspec-expectations (3.5.0)
      diff-lcs (>= 1.2.0, < 2.0)
      rspec-support (~> 3.5.0)
    rspec-mocks (3.5.0)
      diff-lcs (>= 1.2.0, < 2.0)
      rspec-support (~> 3.5.0)
    rspec-sidekiq (2.2.0)
      rspec (~> 3.0, >= 3.0.0)
      sidekiq (>= 2.4.0)
    rspec-support (3.5.0)
    safe_yaml (1.0.4)
    shotgun (0.9.2)
      rack (>= 1.0)
    sidekiq (4.2.2)
      concurrent-ruby (~> 1.0)
      connection_pool (~> 2.2, >= 2.2.0)
      rack-protection (~> 1.5)
      redis (~> 3.2, >= 3.2.1)
    sinatra (1.4.7)
      rack (~> 1.5)
      rack-protection (~> 1.4)
      tilt (>= 1.3, < 3)
    slack-notifier (2.0.0)
    sqlite3 (1.3.11)
    thread_safe (0.3.6)
    tilt (2.0.5)
    trollop (2.1.2)
    tzinfo (1.2.2)
      thread_safe (~> 0.1)
    webmock (2.3.2)
      addressable (>= 2.3.6)
      crack (>= 0.3.2)
      hashdiff
    yard (0.9.5)
    yard-sinatra (1.0.0)
      yard (~> 0.7)

PLATFORMS
  ruby

DEPENDENCIES
  activesupport
  bundler
  byebug
  dotenv
  puma
  rack-test
  rbvmomi
  rspec
  rspec-sidekiq
  shotgun
  sidekiq
  sinatra
  slack-notifier
  sqlite3
  webmock
  yard
  yard-sinatra

BUNDLED WITH
   1.14.3
